GEM
  remote: https://rubygems.org/
  remote: https://rails-assets.org/
  specs:
    minitest (5.9.1)
    rails-assets-bootstrap (3.3.7)
      rails-assets-jquery (>= 1.9.1, < 4)
    rails-assets-jquery (3.3.1)
    rake (10.5.0)

PLATFORMS
  ruby

DEPENDENCIES
  minitest
  rails-assets-bootstrap!
  rake (~> 10.0)

BUNDLED WITH
   1.15.2
